GEM
  remote: https://rubygems.org/
  specs:
    ansi (1.5.0)
    aws-partitions (1.68.0)
    aws-sdk-core (3.17.0)
      aws-partitions (~> 1.0)
      aws-sigv4 (~> 1.0)
      jmespath (~> 1.0)
    aws-sdk-ec2 (1.28.0)
      aws-sdk-core (~> 3)
      aws-sigv4 (~> 1.0)
    aws-sigv4 (1.0.2)
    builder (3.2.3)
    jmespath (1.3.1)
    minitest (5.11.3)
    minitest-reporters (1.1.19)
      ansi
      builder
      minitest (>= 5.0)
      ruby-progressbar
    ruby-progressbar (1.9.0)

PLATFORMS
  ruby

DEPENDENCIES
  aws-sdk-ec2
  minitest-reporters

BUNDLED WITH
   1.16.1
